GEM
  remote: https://rubygems.org/
  specs:
    applescript (1.0)
    codeclimate-test-reporter (1.0.5)
      simplecov
    docile (1.1.5)
    json (2.0.3)
    rake (12.0.0)
    simplecov (0.13.0)
      docile (~> 1.1.0)
      json (>= 1.8, < 3)
      simplecov-html (~> 0.10.0)
    simplecov-html (0.10.0)
    tty-spinner (0.4.1)

PLATFORMS
  ruby

DEPENDENCIES
  applescript (~> 1.0)
  codeclimate-test-reporter (~> 1.0.0)
  rake (>= 0.9.2)
  simplecov (~> 0.13.0)
  tty-spinner

BUNDLED WITH
   1.13.7
